GEM
  remote: https://gems.ruby-china.org/
  specs:
    awesome_print (1.7.0)
    bcrypt (3.1.11)
    clap (1.0.0)
    coderay (1.1.1)
    cuba (3.8.0)
      rack (>= 1.6.0)
    cutest (1.2.3)
      clap
    daemons (1.2.4)
    eventmachine (1.2.1)
    jwt (1.5.6)
    method_source (0.8.2)
    mina (1.0.6)
      open4 (~> 1.3.4)
      rake
    open4 (1.3.4)
    pg (0.19.0)
    pry (0.10.4)
      coderay (~> 1.1.0)
      method_source (~> 0.8.1)
      slop (~> 3.4)
    rack (2.0.1)
    rack-cors (0.4.0)
    rack-protection (1.5.3)
      rack
    rack-test (0.6.3)
      rack (>= 1.0)
    rake (12.0.0)
    sequel (4.39.0)
    shotgun (0.9.2)
      rack (>= 1.0)
    slop (3.6.0)
    thin (1.7.0)
      daemons (~> 1.0, >= 1.0.9)
      eventmachine (~> 1.0, >= 1.0.4)
      rack (>= 1, < 3)

PLATFORMS
  ruby

DEPENDENCIES
  awesome_print
  bcrypt
  cuba
  cutest
  jwt
  mina
  pg
  pry
  rack-cors
  rack-protection
  rack-test
  rake
  sequel (~> 4.39.0)
  shotgun
  thin

BUNDLED WITH
   1.13.7
